GEM
  remote: https://rubygems.org/
  specs:
    motion-layouts (0.1.0)
    rake (10.1.0)

PLATFORMS
  ruby

DEPENDENCIES
  motion-layouts
  rake
